PATH
  remote: .
  specs:
    nats (0.11.2)
      eventmachine (~> 1.2, >= 1.2)

GEM
  remote: http://rubygems.org/
  specs:
    base32 (0.3.4)
    daemons (1.4.1)
    diff-lcs (1.5.0)
    ed25519 (1.3.0)
    eventmachine (1.2.7)
    json_pure (2.6.1)
    nkeys (0.1.0)
      base32 (~> 0.3)
      ed25519 (~> 1.2)
    rack (2.2.3)
    rake (13.0.6)
    rspec (3.11.0)
      rspec-core (~> 3.11.0)
      rspec-expectations (~> 3.11.0)
      rspec-mocks (~> 3.11.0)
    rspec-core (3.11.0)
      rspec-support (~> 3.11.0)
    rspec-expectations (3.11.0)
      diff-lcs (>= 1.2.0, < 2.0)
      rspec-support (~> 3.11.0)
    rspec-mocks (3.11.0)
      diff-lcs (>= 1.2.0, < 2.0)
      rspec-support (~> 3.11.0)
    rspec-support (3.11.0)
    thin (1.8.1)
      daemons (~> 1.0, >= 1.0.9)
      eventmachine (~> 1.0, >= 1.0.4)
      rack (>= 1, < 3)

PLATFORMS
  ruby

DEPENDENCIES
  daemons
  json_pure
  nats!
  nkeys
  rack (>= 2.0.6)
  rake
  rspec
  thin

BUNDLED WITH
   2.3.7
